PATH
  remote: .
  specs:
    iarea (0.5.0)
      msgpack

GEM
  remote: http://rubygems.org/
  specs:
    diff-lcs (1.1.3)
    msgpack (0.4.6)
    rake (0.9.2)
    rdoc (3.9.4)
    rspec (2.6.0)
      rspec-core (~> 2.6.0)
      rspec-expectations (~> 2.6.0)
      rspec-mocks (~> 2.6.0)
    rspec-core (2.6.4)
    rspec-expectations (2.6.0)
      diff-lcs (~> 1.1.2)
    rspec-mocks (2.6.0)

PLATFORMS
  ruby

DEPENDENCIES
  bundler
  iarea!
  rake
  rdoc
  rspec
